GEM
  remote: https://rubygems.org/
  specs:
    pg (0.18.4)
    rails_12factor (0.0.3)
      rails_serve_static_assets
      rails_stdout_logging
    rails_serve_static_assets (0.0.5)
    rails_stdout_logging (0.0.5)

PLATFORMS
  ruby

DEPENDENCIES
  pg (= 0.18.4)
  rails_12factor

BUNDLED WITH
   1.14.0
